GEM
  remote: https://rubygems.org/
  specs:
    algorithms (1.0.1)
    aoc_rb (0.2.5)
      dotenv (~> 2.7.6)
      httparty (~> 0.20.0)
      nokogiri (~> 1.13.6)
      rspec (~> 3.0)
      thor (~> 1.2.1)
    bigdecimal (3.1.8)
    csv (3.3.0)
    diff-lcs (1.5.1)
    dotenv (2.7.6)
    ffi (1.17.0)
    ffi (1.17.0-arm64-darwin)
    httparty (0.20.0)
      mime-types (~> 3.0)
      multi_xml (>= 0.5.2)
    logger (1.6.1)
    matrix (0.4.2)
    mime-types (3.6.0)
      logger
      mime-types-data (~> 3.2015)
    mime-types-data (3.2024.1105)
    mini_portile2 (2.8.8)
    multi_xml (0.7.1)
      bigdecimal (~> 3.1)
    nokogiri (1.13.10)
      mini_portile2 (~> 2.8.0)
      racc (~> 1.4)
    paint (2.3.0)
    parallel (1.26.3)
    racc (1.8.1)
    rspec (3.13.0)
      rspec-core (~> 3.13.0)
      rspec-expectations (~> 3.13.0)
      rspec-mocks (~> 3.13.0)
    rspec-core (3.13.2)
      rspec-support (~> 3.13.0)
    rspec-expectations (3.13.3)
      diff-lcs (>= 1.2.0, < 2.0)
      rspec-support (~> 3.13.0)
    rspec-mocks (3.13.2)
      diff-lcs (>= 1.2.0, < 2.0)
      rspec-support (~> 3.13.0)
    rspec-support (3.13.1)
    thor (1.2.2)
    z3 (0.0.20230311)
      ffi (~> 1.9)

PLATFORMS
  arm64-darwin-24
  ruby

DEPENDENCIES
  algorithms (~> 1.0)
  aoc_rb (~> 0.2.5)
  csv (~> 3.3)
  matrix (~> 0.4.2)
  paint (~> 2.3)
  parallel (~> 1.26)
  z3 (~> 0.0.20230311)

BUNDLED WITH
   2.5.22
